PATH
  remote: .
  specs:
    delayed_job_with_named_queues (2.0.7.5)
      activesupport (~> 2.0)
      ghazel-daemons (= 1.0.13.1)

GEM
  remote: http://rubygems.org/
  specs:
    actionmailer (2.3.14)
      actionpack (= 2.3.14)
    actionpack (2.3.14)
      activesupport (= 2.3.14)
      rack (~> 1.1.0)
    activerecord (2.3.14)
      activesupport (= 2.3.14)
    activeresource (2.3.14)
      activesupport (= 2.3.14)
    activesupport (2.3.14)
    addressable (2.2.6)
    archive-tar-minitar (0.5.2)
    bson (1.5.2)
    columnize (0.3.6)
    data_objects (0.10.7)
      addressable (~> 2.1)
    database_cleaner (0.7.0)
    dm-aggregates (1.2.0)
      dm-core (~> 1.2.0)
    dm-core (1.2.0)
      addressable (~> 2.2.6)
    dm-observer (1.2.0)
      dm-core (~> 1.2.0)
    dm-validations (1.2.0)
      dm-core (~> 1.2.0)
    do_sqlite3 (0.10.7)
      data_objects (= 0.10.7)
    ghazel-daemons (1.0.13.1)
    jnunemaker-validatable (1.8.4)
      activesupport (>= 2.3.4)
    linecache (0.46)
      rbx-require-relative (> 0.0.4)
    linecache19 (0.5.12)
      ruby_core_source (>= 0.1.4)
    mongo (1.5.2)
      bson (= 1.5.2)
    mongo_mapper (0.8.6)
      activesupport (>= 2.3.4)
      jnunemaker-validatable (~> 1.8.4)
      plucky (~> 0.3.6)
    mysql (2.8.1)
    plucky (0.3.8)
      mongo (~> 1.3)
    rack (1.1.2)
    rails (2.3.14)
      actionmailer (= 2.3.14)
      actionpack (= 2.3.14)
      activerecord (= 2.3.14)
      activeresource (= 2.3.14)
      activesupport (= 2.3.14)
      rake (>= 0.8.3)
    rake (0.8.7)
    rbx-require-relative (0.0.5)
    rspec (1.3.2)
    ruby-debug (0.10.4)
      columnize (>= 0.1)
      ruby-debug-base (~> 0.10.4.0)
    ruby-debug-base (0.10.4)
      linecache (>= 0.3)
    ruby-debug-base19 (0.11.25)
      columnize (>= 0.3.1)
      linecache19 (>= 0.5.11)
      ruby_core_source (>= 0.1.4)
    ruby-debug19 (0.11.6)
      columnize (>= 0.3.1)
      linecache19 (>= 0.5.11)
      ruby-debug-base19 (>= 0.11.19)
    ruby_core_source (0.1.5)
      archive-tar-minitar (>= 0.5.2)
    sqlite3 (1.3.5)

PLATFORMS
  ruby

DEPENDENCIES
  database_cleaner
  delayed_job_with_named_queues!
  dm-aggregates
  dm-core
  dm-observer
  dm-validations
  do_sqlite3
  mongo_mapper (~> 0.8.0)
  mysql
  rails (~> 2.3.5)
  rake
  rspec (~> 1.3.0)
  ruby-debug
  ruby-debug19
  sqlite3
